GEM
  remote: http://rubygems.org/
  specs:
    statsd-ruby (0.3.0)

PLATFORMS
  ruby

DEPENDENCIES
  statsd-ruby
